GEM
  specs:
    kramdown (2.4.0)
      rexml
    kramdown-parser-gfm (1.1.0)
      kramdown (~> 2.0)
    rexml (3.2.5)

PLATFORMS
  x86_64-linux

DEPENDENCIES
  kramdown
  kramdown-parser-gfm

BUNDLED WITH
   2.3.26
